PATH
  remote: /Users/sansan_dan/.ghq/github.com/breamware/sidekiq-batch
  specs:
    sidekiq-batch (0.1.3)
      sidekiq (>= 3)

GEM
  remote: https://rubygems.org/
  specs:
    concurrent-ruby (1.0.5)
    connection_pool (2.2.1)
    et-orbi (1.0.4)
      tzinfo
    rack (2.0.3)
    rack-protection (2.0.0)
      rack
    redis (3.3.3)
    rufus-scheduler (3.4.0)
      et-orbi (~> 1.0)
    sidekiq (5.0.0)
      concurrent-ruby (~> 1.0)
      connection_pool (~> 2.2, >= 2.2.0)
      rack-protection (>= 1.5.0)
      redis (~> 3.3, >= 3.3.3)
    sidekiq-scheduler (2.1.4)
      redis (~> 3)
      rufus-scheduler (~> 3.2)
      sidekiq (>= 3)
      tilt (>= 1.4.0)
    thread_safe (0.3.6)
    tilt (2.0.7)
    tzinfo (1.2.3)
      thread_safe (~> 0.1)

PLATFORMS
  ruby

DEPENDENCIES
  sidekiq
  sidekiq-batch!
  sidekiq-scheduler

BUNDLED WITH
   1.14.6
