GEM
  remote: https://rubygems.org/
  specs:
    concurrent-ruby (1.0.4)
    connection_pool (2.2.1)
    rack (2.0.1)
    rack-protection (1.5.3)
      rack
    redis (3.3.3)
    serverengine (2.0.4)
      sigdump (~> 0.2.2)
    sidekiq (4.2.9)
      concurrent-ruby (~> 1.0)
      connection_pool (~> 2.2, >= 2.2.0)
      rack-protection (>= 1.5.0)
      redis (~> 3.2, >= 3.2.1)
    sigdump (0.2.4)

PLATFORMS
  ruby

DEPENDENCIES
  concurrent-ruby
  serverengine
  sidekiq

BUNDLED WITH
   1.13.7
